PATH
  remote: .
  specs:
    alarm_decoder (0.0.3)
      highline (>= 1.6.20)
      mail
      prowl (>= 0.1.3)
      redis (>= 3.0.7)
      serialport (>= 1.3.0)

GEM
  remote: https://rubygems.org/
  specs:
    coderay (1.1.0)
    highline (1.6.21)
    mail (2.5.4)
      mime-types (~> 1.16)
      treetop (~> 1.4.8)
    method_source (0.8.2)
    mime-types (1.25.1)
    minitest (5.4.2)
    minitest-stub_any_instance (1.0.0)
    polyglot (0.3.5)
    prowl (0.1.3)
    pry (0.10.1)
      coderay (~> 1.1.0)
      method_source (~> 0.8.1)
      slop (~> 3.4)
    rake (10.3.2)
    redis (3.0.7)
    serialport (1.3.1)
    slop (3.6.0)
    treetop (1.4.15)
      polyglot
      polyglot (>= 0.3.1)

PLATFORMS
  ruby

DEPENDENCIES
  alarm_decoder!
  minitest (~> 5.4.0, >= 5.4.2)
  minitest-stub_any_instance
  pry
  rake
