PATH
  remote: .
  specs:
    alarm_decoder (0.0.1)
      highline (>= 1.6.20)
      mail
      prowl (>= 0.1.3)
      redis (>= 3.0.7)
      serialport (>= 1.3.0)

GEM
  remote: https://rubygems.org/
  specs:
    highline (1.6.20)
    mail (2.5.4)
      mime-types (~> 1.16)
      treetop (~> 1.4.8)
    mime-types (1.25.1)
    polyglot (0.3.3)
    prowl (0.1.3)
    redis (3.0.7)
    serialport (1.3.0)
    treetop (1.4.15)
      polyglot
      polyglot (>= 0.3.1)

PLATFORMS
  ruby

DEPENDENCIES
  alarm_decoder!
