PATH
  remote: .
  specs:
    alarm_decoder (0.0.1)
      highline (>= 1.6.20)
      prowl (>= 0.1.3)
      redis (>= 3.0.7)
      serialport (>= 1.3.0)

GEM
  remote: https://rubygems.org/
  specs:
    highline (1.6.20)
    prowl (0.1.3)
    redis (3.0.7)
    serialport (1.3.0)

PLATFORMS
  ruby

DEPENDENCIES
  alarm_decoder!
